GEM
  remote: http://rubygems.org/
  specs:
    hike (1.2.1)
    json (1.7.6)
    multi_json (1.3.6)
    mysql2 (0.3.11)
    r18n-core (1.1.3)
    rack (1.4.1)
    rack-protection (1.2.0)
      rack
    sequel (3.43.0)
    shotgun (0.9)
      rack (>= 1.0)
    sinatra (1.3.3)
      rack (~> 1.3, >= 1.3.6)
      rack-protection (~> 1.2)
      tilt (~> 1.3, >= 1.3.3)
    sinatra-r18n (1.1.3)
      r18n-core (= 1.1.3)
      sinatra (>= 1.3)
    sprockets (2.5.0)
      hike (~> 1.2)
      multi_json (~> 1.0)
      rack (~> 1.0)
      tilt (~> 1.1, != 1.3.0)
    tilt (1.3.3)

PLATFORMS
  ruby

DEPENDENCIES
  json
  mysql2
  sequel
  shotgun
  sinatra
  sinatra-r18n
  sprockets (~> 2.5.0)
