GEM
  remote: http://rubygems.org/
  specs:
    diff-lcs (1.2.4)
    hike (1.2.3)
    json (1.8.0)
    multi_json (1.8.0)
    mysql2 (0.3.13)
    r18n-core (1.1.6)
    rack (1.5.2)
    rack-protection (1.5.0)
      rack
    rack-test (0.6.2)
      rack (>= 1.0)
    rspec (2.14.1)
      rspec-core (~> 2.14.0)
      rspec-expectations (~> 2.14.0)
      rspec-mocks (~> 2.14.0)
    rspec-core (2.14.5)
    rspec-expectations (2.14.2)
      diff-lcs (>= 1.1.3, < 2.0)
    rspec-mocks (2.14.3)
    sequel (4.2.0)
    shotgun (0.9)
      rack (>= 1.0)
    sinatra (1.4.3)
      rack (~> 1.4)
      rack-protection (~> 1.4)
      tilt (~> 1.3, >= 1.3.4)
    sinatra-r18n (1.1.6)
      r18n-core (= 1.1.6)
      sinatra (>= 1.3)
    sprockets (2.5.0)
      hike (~> 1.2)
      multi_json (~> 1.0)
      rack (~> 1.0)
      tilt (~> 1.1, != 1.3.0)
    tilt (1.4.1)

PLATFORMS
  ruby

DEPENDENCIES
  json
  mysql2
  rack-test
  rspec
  sequel
  shotgun
  sinatra
  sinatra-r18n
  sprockets (~> 2.5.0)
